GIT
  remote: https://github.com/pfleidi/mlk.git
  revision: 1117bae620dc114a3839d897758f7177686fc56e
  specs:
    mlk (0.0.1)
      scrivener

GEM
  remote: https://rubygems.org/
  specs:
    backports (3.3.5)
    builder (3.2.2)
    byebug (2.3.1)
      columnize (~> 0.3.6)
      debugger-linecache (~> 1.2.0)
    coderay (1.0.9)
    columnize (0.3.6)
    commonjs (0.2.7)
    debugger-linecache (1.2.0)
    i18n (0.6.5)
    jsmin (1.0.1)
    json (1.8.1)
    less (2.4.0)
      commonjs (~> 0.2.7)
    libv8 (3.16.14.3)
    mail (2.5.4)
      mime-types (~> 1.16)
      treetop (~> 1.4.8)
    metaclass (0.0.1)
    method_source (0.8.2)
    mime-types (1.25)
    mini_portile (0.5.2)
    mocha (0.14.0)
      metaclass (~> 0.0.1)
    multi_json (1.8.2)
    nokogiri (1.6.0)
      mini_portile (~> 0.5.0)
    polyglot (0.3.3)
    pony (1.5.1)
      mail (>= 2.0)
    pry (0.9.12.2)
      coderay (~> 1.0.5)
      method_source (~> 0.8)
      slop (~> 3.4)
    pry-byebug (1.2.0)
      byebug (~> 2.2)
      pry (~> 0.9.12)
    puma (2.6.0)
      rack (>= 1.1, < 2.0)
    rack (1.5.2)
    rack-protection (1.5.1)
      rack
    rack-test (0.6.2)
      rack (>= 1.0)
    rake (10.1.0)
    redcarpet (3.0.0)
    ref (1.0.5)
    scrivener (0.2.0)
    settingslogic (2.0.9)
    shotgun (0.9)
      rack (>= 1.0)
    sinatra (1.4.4)
      rack (~> 1.4)
      rack-protection (~> 1.4)
      tilt (~> 1.3, >= 1.3.4)
    sinatra-assetpack (0.3.1)
      jsmin
      rack-test
      sinatra
      tilt (>= 1.3.0)
    sinatra-contrib (1.4.1)
      backports (>= 2.0)
      multi_json
      rack-protection
      rack-test
      sinatra (~> 1.4.0)
      tilt (~> 1.3)
    slim (2.0.2)
      temple (~> 0.6.6)
      tilt (>= 1.3.3, < 2.1)
    slop (3.4.6)
    temple (0.6.7)
    therubyracer (0.12.0)
      libv8 (~> 3.16.14.0)
      ref
    thor (0.18.1)
    tilt (1.4.1)
    treetop (1.4.15)
      polyglot
      polyglot (>= 0.3.1)
    w3c_validators (1.2)
      json
      nokogiri

PLATFORMS
  ruby

DEPENDENCIES
  builder
  i18n
  less
  mlk!
  mocha
  pony
  pry
  pry-byebug
  puma
  rack
  rake
  redcarpet
  settingslogic
  shotgun
  sinatra
  sinatra-assetpack
  sinatra-contrib
  slim
  therubyracer
  thor
  w3c_validators
