GEM
  remote: http://rubygems.org/
  specs:
    backports (2.6.5)
    builder (3.1.4)
    celluloid (0.12.4)
      facter (>= 1.6.12)
      timers (>= 1.0.0)
    coderay (1.0.8)
    commonjs (0.2.6)
    connection_pool (0.9.2)
    daemons (1.1.9)
    eventmachine (1.0.0)
    facter (1.6.16)
    i18n (0.6.1)
    jsmin (1.0.1)
    json (1.7.5)
    less (2.2.2)
      commonjs (~> 0.2.6)
    libv8 (3.3.10.4)
    mail (2.5.3)
      i18n (>= 0.4.0)
      mime-types (~> 1.16)
      treetop (~> 1.4.8)
    metaclass (0.0.1)
    method_source (0.8.1)
    mime-types (1.19)
    mocha (0.13.1)
      metaclass (~> 0.0.1)
    multi_json (1.5.0)
    nokogiri (1.5.5)
    polyglot (0.3.3)
    pony (1.4)
      mail (> 2.0)
    pry (0.9.10)
      coderay (~> 1.0.5)
      method_source (~> 0.8)
      slop (~> 3.3.1)
    pry-nav (0.2.2)
      pry (~> 0.9.10)
    rack (1.4.1)
    rack-protection (1.2.0)
      rack
    rack-test (0.6.2)
      rack (>= 1.0)
    redcarpet (2.2.2)
    redis (3.0.2)
    redis-namespace (1.2.1)
      redis (~> 3.0.0)
    scrivener (0.0.3)
    shotgun (0.9)
      rack (>= 1.0)
    sidekiq (2.6.0)
      celluloid (~> 0.12.0)
      connection_pool (~> 0.9.2)
      multi_json (~> 1)
      redis (~> 3)
      redis-namespace
    sinatra (1.3.3)
      rack (~> 1.3, >= 1.3.6)
      rack-protection (~> 1.2)
      tilt (~> 1.3, >= 1.3.3)
    sinatra-assetpack (0.0.11)
      jsmin
      rack-test
      sinatra
      tilt (>= 1.3.0)
    sinatra-contrib (1.3.2)
      backports (>= 2.0)
      eventmachine
      rack-protection
      rack-test
      sinatra (~> 1.3.0)
      tilt (~> 1.3)
    slim (1.3.4)
      temple (~> 0.5.5)
      tilt (~> 1.3.3)
    slop (3.3.3)
    temple (0.5.5)
    therubyracer (0.10.2)
      libv8 (~> 3.3.10)
    thin (1.5.0)
      daemons (>= 1.0.9)
      eventmachine (>= 0.12.6)
      rack (>= 1.0.0)
    tilt (1.3.3)
    timers (1.0.2)
    treetop (1.4.12)
      polyglot
      polyglot (>= 0.3.1)
    w3c_validators (1.2)
      json
      nokogiri

PLATFORMS
  ruby

DEPENDENCIES
  builder
  json
  less
  mocha
  pony
  pry
  pry-nav
  rack
  redcarpet
  redis
  scrivener
  shotgun
  sidekiq
  sinatra
  sinatra-assetpack
  sinatra-contrib
  slim
  therubyracer
  thin
  w3c_validators
